FRAMEWORK: >= NET451
NUGET
  remote: https://www.nuget.org/api/v2
  specs:
    Microsoft.AspNet.WebApi.Client (5.2.3)
      Newtonsoft.Json (>= 6.0.4)
    Microsoft.AspNet.WebApi.Core (5.2.3)
      Microsoft.AspNet.WebApi.Client (>= 5.2.3)
    Microsoft.AspNet.WebApi.Owin (5.2.3)
      Microsoft.AspNet.WebApi.Core (>= 5.2.3 < 5.3.0)
      Microsoft.Owin (>= 2.0.2)
      Owin (>= 1.0)
    Microsoft.AspNet.WebApi.OwinSelfHost (5.2.3)
      Microsoft.AspNet.WebApi.Owin (>= 5.2.3 < 5.3.0)
      Microsoft.Owin.Host.HttpListener (>= 2.0.2)
      Microsoft.Owin.Hosting (>= 2.0.2)
    Microsoft.Owin (3.0.1)
      Owin (>= 1.0)
    Microsoft.Owin.Host.HttpListener (3.0.1)
    Microsoft.Owin.Hosting (3.0.1)
      Microsoft.Owin (>= 3.0.1)
      Owin (>= 1.0)
    Microsoft.ServiceFabric (4.4.87-preview)
    Microsoft.ServiceFabric.Actors (1.4.87-preview)
      Microsoft.ServiceFabric (4.4.87-preview)
      Microsoft.ServiceFabric.Data (1.4.87-preview)
      Microsoft.ServiceFabric.Services (1.4.87-preview)
    Microsoft.ServiceFabric.Data (1.4.87-preview)
      Microsoft.ServiceFabric (4.4.87-preview)
    Microsoft.ServiceFabric.Services (1.4.87-preview)
      Microsoft.ServiceFabric (4.4.87-preview)
      Microsoft.ServiceFabric.Data (1.4.87-preview)
    Microsoft.WindowsAzure.ConfigurationManager (3.1.0)
    Newtonsoft.Json (8.0.2)
    Owin (1.0)
    WindowsAzure.ServiceBus (3.1.3)
      Microsoft.WindowsAzure.ConfigurationManager (>= 3.1.0)
